GIT
  remote: git://github.com/drinks/congress.git
  revision: c720f15dd03200b878f9e67f8ec0f497b09254e0
  branch: allow-string-zipcodes
  specs:
    congress (0.2.2)
      faraday (~> 0.8.7)
      faraday_middleware (~> 0.9.0)
      geocoder (~> 1.1.9)
      hashie (~> 2.0)
      json (~> 1.8)
      rash (~> 0.4)

GIT
  remote: git://github.com/martinciu/fuubar-cucumber.git
  revision: 9b8aab05855dfe316f784ccda7400f6b602845ff
  specs:
    fuubar-cucumber (0.0.21)
      cucumber (~> 1.3.0)
      ruby-progressbar (~> 1.2)

GIT
  remote: git://github.com/sunlightlabs/formageddon.git
  revision: 706df16220f579a8869300ef09f14859deaf6e10
  specs:
    formageddon (0.0.0)
      delayed_job (~> 2.1)
      haml
      mechanize
      naught
      rufus-mnemo

GIT
  remote: git://github.com/sunlightlabs/geocoder.git
  revision: 796facd10dd43df77bfffd3f04d85e2f50420f72
  branch: oc
  specs:
    geocoder (1.1.9)

GEM
  remote: http://rubygems.org/
  specs:
    RedCloth (4.2.9)
    actionmailer (3.2.16)
      actionpack (= 3.2.16)
      mail (~> 2.5.4)
    actionpack (3.2.16)
      activemodel (= 3.2.16)
      activesupport (= 3.2.16)
      builder (~> 3.0.0)
      erubis (~> 2.7.0)
      journey (~> 1.0.4)
      rack (~> 1.4.5)
      rack-cache (~> 1.2)
      rack-test (~> 0.6.1)
      sprockets (~> 2.2.1)
    activemodel (3.2.16)
      activesupport (= 3.2.16)
      builder (~> 3.0.0)
    activerecord (3.2.16)
      activemodel (= 3.2.16)
      activesupport (= 3.2.16)
      arel (~> 3.0.2)
      tzinfo (~> 0.3.29)
    activeresource (3.2.16)
      activemodel (= 3.2.16)
      activesupport (= 3.2.16)
    activesupport (3.2.16)
      i18n (~> 0.6, >= 0.6.4)
      multi_json (~> 1.0)
    acts-as-taggable-on (3.0.1)
      rails (>= 3, < 5)
    addressable (2.3.5)
    annotate (2.6.3)
      activerecord (>= 2.3.0)
      rake (>= 0.8.7)
    ansi (1.4.3)
    arel (3.0.3)
    awesome_nested_set (2.1.6)
      activerecord (>= 3.0.0)
    awesome_print (1.1.0)
    beanstalk-client (1.1.1)
    awesome_print (1.2.0)
    binding_of_caller (0.7.2)
      debug_inspector (>= 0.0.1)
    bluecloth (2.2.0)
    bootstrap-sass (2.1.1.0)
    builder (3.0.4)
    capistrano (2.15.5)
      highline
      net-scp (>= 1.0.0)
      net-sftp (>= 2.0.0)
      net-ssh (>= 2.0.14)
      net-ssh-gateway (>= 1.1.0)
    capistrano-ext (1.2.1)
      capistrano (>= 1.0.0)
    capybara (2.2.1)
      mime-types (>= 1.16)
      nokogiri (>= 1.3.3)
      rack (>= 1.0.0)
      rack-test (>= 0.5.4)
      xpath (~> 2.0)
    carrierwave (0.9.0)
      activemodel (>= 3.2.0)
      activesupport (>= 3.2.0)
      json (>= 1.7)
    celluloid (0.15.2)
      timers (~> 1.1.0)
    celluloid-io (0.15.0)
      celluloid (>= 0.15.0)
      nio4r (>= 0.5.0)
    climate_control (0.0.3)
      activesupport (>= 3.0)
    cliver (0.3.2)
    closure-compiler (1.1.10)
    cocaine (0.5.3)
      climate_control (>= 0.0.3, < 1.0)
    code_analyzer (0.4.4)
      sexp_processor
    coderay (1.1.0)
    colored (1.2)
    columnize (0.3.6)
    crack (0.4.0)
      safe_yaml (~> 0.9.0)
    cssmin (1.0.3)
    cucumber (1.3.2)
    congress (0.2.1)
      faraday (~> 0.8.7)
      faraday_middleware (~> 0.9.0)
      geocoder (~> 1.1.9)
      hashie (~> 2.0)
      json (~> 1.8)
      rash (~> 0.4)
    crack (0.4.2)
      safe_yaml (~> 1.0.0)
    cucumber (1.3.10)
      builder (>= 2.1.2)
      diff-lcs (>= 1.1.3)
      gherkin (~> 2.12)
      multi_json (>= 1.7.5, < 2.0)
      multi_test (>= 0.0.2)
    cucumber-rails (1.4.0)
      capybara (>= 1.1.2)
      cucumber (>= 1.2.0)
      nokogiri (>= 1.5.0)
      rails (>= 3.0.0)
    curb (0.8.5)
    daemons (1.1.9)
    database_cleaner (1.2.0)
    debug_inspector (0.0.2)
    debugger (1.6.5)
      columnize (>= 0.3.1)
      debugger-linecache (~> 1.2.0)
      debugger-ruby_core_source (~> 1.3.1)
    debugger-linecache (1.2.0)
    debugger-ruby_core_source (1.3.1)
    delayed_job (2.1.4)
      activesupport (~> 3.0)
      daemons
    diff-lcs (1.2.4)
    domain_name (0.5.18)
    diff-lcs (1.2.5)
    docile (1.1.3)
    domain_name (0.5.15)
      unf (>= 0.0.5, < 1.0.0)
    ejs (1.1.1)
    em-websocket (0.5.0)
      eventmachine (>= 0.12.9)
      http_parser.rb (~> 0.5.3)
    erubis (2.7.0)
    eventmachine (1.0.3)
    excon (0.31.0)
    execjs (2.0.2)
    facebooker2 (0.0.12)
      mogli (>= 0.0.12)
      ruby-hmac
    faraday (0.8.9)
      multipart-post (~> 1.2.0)
    faraday_middleware (0.9.0)
      faraday (>= 0.7.4, < 0.9)
    ffi (1.9.3)
    fog (1.20.0)
      builder
      excon (~> 0.31.0)
      formatador (~> 0.2.0)
      mime-types
      multi_json (~> 1.0)
      net-scp (~> 1.1)
      net-ssh (>= 2.1.3)
      nokogiri (>= 1.5.11)
    formatador (0.2.4)
    full-name-splitter (0.1.2)
    fuubar (1.1.1)
      rspec (~> 2.0)
      rspec-instafail (~> 0.2.0)
      ruby-progressbar (~> 1.0)
    fuubar (1.3.2)
      rspec (>= 2.14.0, < 3.1.0)
      ruby-progressbar (~> 1.3)
    galetahub-simple_captcha (0.1.3)
    gherkin (2.12.2)
      multi_json (~> 1.3)
    guard (2.4.0)
      formatador (>= 0.2.4)
      listen (~> 2.1)
      lumberjack (~> 1.0)
      pry (>= 0.9.12)
      thor (>= 0.18.1)
    guard-livereload (2.1.1)
      em-websocket (~> 0.5)
      guard (~> 2.0)
      multi_json (~> 1.8)
    haml (4.0.5)
      tilt
    haml-rails (0.4)
      actionpack (>= 3.1, < 4.1)
      activesupport (>= 3.1, < 4.1)
      haml (>= 3.1, < 4.1)
      railties (>= 3.1, < 4.1)
    hashie (2.0.5)
    highline (1.6.20)
    hike (1.2.3)
    hpricot (0.8.6)
    htmlentities (4.3.1)
    httmultiparty (0.3.10)
      httparty (>= 0.7.3)
      multipart-post
    http-cookie (1.0.2)
      domain_name (~> 0.5)
    http_parser.rb (0.5.3)
    httparty (0.12.0)
      json (~> 1.8)
      multi_xml (>= 0.5.2)
    i18n (0.5.0)
    interception (0.3)
    jammit (0.6.6)
      cssmin (>= 1.0.3)
      jsmin (>= 1.0.1)
    jsmin (1.0.1)
    json (1.8.0)
    json_pure (1.8.1)
    kgio (2.8.0)
    launchy (2.3.0)
    i18n (0.6.9)
    interception (0.4)
    journey (1.0.4)
    jquery-migrate-rails (1.2.1)
    jquery-rails (3.1.0)
      railties (>= 3.0, < 5.0)
      thor (>= 0.14, < 2.0)
    json (1.8.1)
    kgio (2.9.1)
    launchy (2.4.2)
      addressable (~> 2.3)
    listen (2.5.0)
      celluloid (>= 0.15.2)
      celluloid-io (>= 0.15.0)
      rb-fsevent (>= 0.9.3)
      rb-inotify (>= 0.9)
    lumberjack (1.0.4)
    mail (2.5.4)
      mime-types (~> 1.16)
      treetop (~> 1.4.8)
    mechanize (2.7.2)
      domain_name (~> 0.5, >= 0.5.1)
      http-cookie (~> 1.0.0)
      mime-types (~> 1.17, >= 1.17.2)
      net-http-digest_auth (~> 1.1, >= 1.1.1)
      net-http-persistent (~> 2.5, >= 2.5.2)
      nokogiri (~> 1.4)
      ntlm-http (~> 0.1, >= 0.1.1)
      webrobots (>= 0.0.9, < 0.2)
    mediacloth (0.6)
    memcache-client (1.8.5)
    method_source (0.8.2)
    mime-types (1.25.1)
    mini_portile (0.5.2)
    minitest (4.7.5)
    minitest-reporters (0.14.24)
      ansi
      builder
      minitest (>= 2.12, < 5.0)
      powerbar
    minitest-spec-rails (4.7.6)
      minitest (~> 4.7)
      rails (>= 3.0, < 4.1)
    mogli (0.0.28)
      httparty (>= 0.4.3)
    multi_json (1.8.4)
    multi_test (0.0.3)
    multi_xml (0.5.5)
    multipart-post (1.2.0)
    mysql (2.9.1)
    naught (1.0.0)
    net-http-digest_auth (1.4)
    net-http-persistent (2.9.4)
    net-scp (1.1.2)
      net-ssh (>= 2.6.5)
    net-sftp (2.1.2)
      net-ssh (>= 2.6.5)
    net-ssh (2.8.0)
    net-ssh-gateway (1.2.0)
      net-ssh (>= 2.6.5)
    newrelic_rpm (3.7.2.192)
    nio4r (1.0.0)
    nokogiri (1.6.1)
      mini_portile (~> 0.5.0)
    ntlm-http (0.1.1)
    oauth (0.4.7)
    oj (2.5.4)
    open_id_authentication (1.2.0)
      rack-openid (~> 1.3)
    paperclip (4.1.0)
      activemodel (>= 3.0.0)
      activesupport (>= 3.0.0)
      cocaine (~> 0.5.3)
      mime-types
    pdfkit (0.5.4)
    pg (0.17.1)
    phaxio (0.4.0)
      httmultiparty (~> 0.3.8)
    poltergeist (1.5.0)
      capybara (~> 2.1)
      cliver (~> 0.3.1)
      multi_json (~> 1.0)
      websocket-driver (>= 0.2.0)
    polyglot (0.3.3)
    possessive (1.0.1)
    postmark (1.1.0)
      json
      rake
    postmark-mitt (0.0.11)
      json_pure
      multi_json
    postmark-rails (0.5.1)
    postmark-rails (0.6.0)
      actionmailer (>= 3.0.0)
      postmark (~> 1.1.0)
    powerbar (1.0.11)
      ansi (~> 1.4.0)
      hashie (>= 1.1.0)
    prototype-rails (3.2.1)
      rails (~> 3.2)
    pry (0.9.12.6)
      coderay (~> 1.0)
      method_source (~> 0.8)
      slop (~> 3.4)
    pry-debugger (0.2.2)
      debugger (~> 1.3)
      pry (~> 0.9.10)
    pry-nav (0.2.3)
      pry (~> 0.9.10)
    pry-rescue (1.3.1)
      interception (>= 0.4)
      pry
    pry-stack_explorer (0.4.9.1)
      binding_of_caller (>= 0.7)
      pry (>= 0.9.11)
    rabl (0.9.3)
      activesupport (>= 2.3.14)
    rack (1.4.5)
    rack-cache (1.2)
      rack (>= 0.4)
    rack-contrib (1.1.0)
      rack (>= 0.9.1)
    rack-mini-profiler (0.9.0)
      rack (>= 1.1.3)
    rack-openid (1.4.2)
      rack (>= 1.1.0)
      ruby-openid (>= 2.1.8)
    rack-ssl (1.3.3)
      rack
    rack-test (0.6.2)
      rack (>= 1.0)
    rails (3.2.16)
      actionmailer (= 3.2.16)
      actionpack (= 3.2.16)
      activerecord (= 3.2.16)
      activeresource (= 3.2.16)
      activesupport (= 3.2.16)
      bundler (~> 1.0)
      railties (= 3.2.16)
    rails_best_practices (1.15.1)
      activesupport
      awesome_print
      code_analyzer (>= 0.4.3)
      colored
      erubis
      i18n
      require_all
      ruby-progressbar
    railties (3.2.16)
      actionpack (= 3.2.16)
      activesupport (= 3.2.16)
      rack-ssl (~> 1.3.2)
      rake (>= 0.8.7)
      rdoc (~> 3.4)
      thor (>= 0.14.6, < 2.0)
    raindrops (0.12.0)
    rake (0.9.6)
    rakismet (1.5.0)
    random_data (1.6.0)
    rash (0.4.0)
      hashie (~> 2.0.0)
    rb-fsevent (0.9.4)
    rb-inotify (0.9.3)
      ffi (>= 0.5.0)
    rdoc (3.12.2)
      json (~> 1.4)
    redis (3.0.7)
    require_all (1.3.2)
    rmagick (2.13.2)
    rspec (2.14.1)
      rspec-core (~> 2.14.0)
      rspec-expectations (~> 2.14.0)
      rspec-mocks (~> 2.14.0)
    rspec-core (2.14.7)
    rspec-expectations (2.14.5)
      diff-lcs (>= 1.1.3, < 2.0)
    rspec-mocks (2.14.5)
    ruby-hmac (0.4.0)
    ruby-openid (2.5.0)
    ruby-progressbar (1.4.1)
    rufus-mnemo (1.2.3)
    safe_yaml (1.0.1)
    sass (3.2.14)
    sass-rails (3.2.6)
      railties (~> 3.2.0)
      sass (>= 3.1.10)
      tilt (~> 1.3)
    selenium-client (1.2.18)
    sentry-raven (0.7.1)
      faraday (>= 0.7.6)
      hashie (>= 1.1.0)
      uuidtools
    settingslogic (2.0.9)
    sexmachine (0.0.6)
      unicode_utils (>= 1.3.0)
    sexp_processor (4.2.1)
    sexp_processor (4.4.1)
    silent-postgres (0.1.1)
    simple-rss (1.3.1)
    simple_form (2.1.1)
      actionpack (~> 3.0)
      activemodel (~> 3.0)
    simplecov (0.8.2)
      docile (~> 1.1.0)
      multi_json
      simplecov-html (~> 0.8.0)
    simplecov-html (0.8.0)
    slop (3.4.7)
    spork (0.9.2)
    sprockets (2.2.2)
      hike (~> 1.2)
      multi_json (~> 1.0)
      rack (~> 1.0)
      tilt (~> 1.1, != 1.3.0)
    thor (0.18.1)
    tilt (1.4.1)
    timers (1.1.0)
    titlecase (0.1.1)
    treetop (1.4.15)
      polyglot
      polyglot (>= 0.3.1)
    tzinfo (0.3.37)
    unf (0.1.4)
    tzinfo (0.3.38)
    uglifier (2.4.0)
      execjs (>= 0.3.0)
      json (>= 1.8.0)
    unf (0.1.3)
      unf_ext
    unf_ext (0.0.6)
    unicode_utils (1.4.0)
    unicorn (4.8.2)
      kgio (~> 2.6)
      rack
      raindrops (~> 0.7)
    uuidtools (2.1.4)
    validates_captcha (0.9.7)
      actionpack (>= 2.3.2)
      activerecord (>= 2.3.2)
    vcr (2.8.0)
    webmock (1.9.3)
      addressable (>= 2.2.7)
      crack (>= 0.3.2)
    webrobots (0.1.1)
    websocket-driver (0.3.2)
    will_paginate (3.0.5)
    xpath (2.0.0)
      nokogiri (~> 1.3)

PLATFORMS
  ruby

DEPENDENCIES
  RedCloth
  acts-as-taggable-on (~> 2.3.3)
  annotate (>= 2.6.0)
  acts-as-taggable-on
  awesome_nested_set (>= 2.0)
  awesome_print
  beanstalk-client
  bluecloth
  bootstrap-sass (~> 2.1.1)
  capistrano
  capistrano-ext
  capybara
  carrierwave
  closure-compiler
  congress!
  congress
  cucumber
  cucumber-rails
  curb
  database_cleaner
  delayed_job
  ejs
  facebooker2
  fog
  formageddon!
  full-name-splitter
  fuubar
  fuubar-cucumber!
  galetahub-simple_captcha (= 0.1.3)
  geocoder!
  guard
  guard-livereload
  haml-rails
  hpricot
  htmlentities
  jquery-migrate-rails
  jquery-rails
  json
  launchy
  mechanize
  mediacloth
  memcache-client
  minitest
  minitest-reporters
  minitest-spec-rails
  mysql
  newrelic_rpm
  nokogiri
  oauth
  oj
  open_id_authentication
  paperclip
  pdfkit
  pg
  phaxio
  poltergeist
  possessive
  postmark-mitt
  postmark-rails
  prototype-rails
  pry
  pry-debugger
  pry-nav
  pry-rescue
  pry-stack_explorer
  rabl
  rack-contrib
  rack-mini-profiler
  rack-openid
  rails (~> 3.1)
  rails_best_practices
  rake
  rakismet
  random_data
  redis
  rmagick (~> 2.13.1)
  rspec-expectations
  ruby-openid
  sass-rails (>= 3.2)
  selenium-client
  sentry-raven
  settingslogic
  sexmachine
  silent-postgres
  simple-rss
  simple_form
  simplecov
  spork
  titlecase
  uglifier
  unicode_utils
  unicorn
  validates_captcha
  vcr
  webmock (~> 1.9.0)
  will_paginate (~> 3.0.pre2)
  will_paginate
